PATH
  remote: .
  specs:
    ruby-edit (0.2.0)
      pastel (~> 0.7.2)
      thor (~> 0.20.0)
      tty-color (~> 0.4.2)
      tty-command (~> 0.8.0)
      tty-config (~> 0.2.0)
      tty-cursor (~> 0.5.0)
      tty-editor (~> 0.4.0)
      tty-file (~> 0.6.0)
      tty-font (~> 0.2.0)
      tty-markdown (~> 0.4.0)
      tty-pager (~> 0.11.0)
      tty-platform (~> 0.1.0)
      tty-progressbar (~> 0.15.0)
      tty-prompt (~> 0.16.1)
      tty-screen (~> 0.6.4)
      tty-spinner (~> 0.8.0)
      tty-table (~> 0.10.0)
      tty-tree (~> 0.1.0)
      tty-which (~> 0.3.0)

GEM
  remote: https://rubygems.org/
  specs:
    byebug (9.0.6)
    coderay (1.1.2)
    diff-lcs (1.3)
    docile (1.3.1)
    equatable (0.5.0)
    hitimes (1.3.0)
    json (2.1.0)
    kramdown (1.16.2)
    method_source (0.8.2)
    necromancer (0.4.0)
    pastel (0.7.2)
      equatable (~> 0.5.0)
      tty-color (~> 0.4.0)
    pry (0.10.4)
      coderay (~> 1.1.0)
      method_source (~> 0.8.1)
      slop (~> 3.4)
    pry-byebug (3.4.2)
      byebug (~> 9.0)
      pry (~> 0.10)
    rake (10.5.0)
    rouge (3.1.1)
    rspec (3.6.0)
      rspec-core (~> 3.6.0)
      rspec-expectations (~> 3.6.0)
      rspec-mocks (~> 3.6.0)
    rspec-core (3.6.0)
      rspec-support (~> 3.6.0)
    rspec-expectations (3.6.0)
      diff-lcs (>= 1.2.0, < 2.0)
      rspec-support (~> 3.6.0)
    rspec-mocks (3.6.0)
      diff-lcs (>= 1.2.0, < 2.0)
      rspec-support (~> 3.6.0)
    rspec-support (3.6.0)
    simplecov (0.16.1)
      docile (~> 1.1)
      json (>= 1.8, < 3)
      simplecov-html (~> 0.10.0)
    simplecov-html (0.10.2)
    slop (3.6.0)
    strings (0.1.1)
      unicode-display_width (~> 1.3.0)
      unicode_utils (~> 1.4.0)
    thor (0.20.0)
    timers (4.1.2)
      hitimes
    tty-color (0.4.3)
    tty-command (0.8.1)
      pastel (~> 0.7.0)
    tty-config (0.2.0)
    tty-cursor (0.5.0)
    tty-editor (0.4.0)
      tty-prompt (~> 0.16.0)
      tty-which (~> 0.3.0)
    tty-file (0.6.0)
      diff-lcs (~> 1.3.0)
      pastel (~> 0.7.2)
      tty-prompt (~> 0.16.1)
    tty-font (0.2.0)
    tty-markdown (0.4.0)
      kramdown (~> 1.16.2)
      pastel (~> 0.7.2)
      rouge (~> 3.1.0)
      strings (~> 0.1.0)
      tty-color (~> 0.4.2)
      tty-screen (~> 0.6.4)
    tty-pager (0.11.0)
      strings (~> 0.1.0)
      tty-screen (~> 0.6.4)
      tty-which (~> 0.3.0)
    tty-platform (0.1.0)
    tty-progressbar (0.15.0)
      tty-cursor (~> 0.5.0)
      tty-screen (~> 0.6.4)
      unicode-display_width (~> 1.3)
    tty-prompt (0.16.1)
      necromancer (~> 0.4.0)
      pastel (~> 0.7.0)
      timers (~> 4.0)
      tty-cursor (~> 0.5.0)
      tty-reader (~> 0.3.0)
    tty-reader (0.3.0)
      tty-cursor (~> 0.5.0)
      tty-screen (~> 0.6.4)
      wisper (~> 2.0.0)
    tty-screen (0.6.5)
    tty-spinner (0.8.0)
      tty-cursor (>= 0.5.0)
    tty-table (0.10.0)
      equatable (~> 0.5.0)
      necromancer (~> 0.4.0)
      pastel (~> 0.7.2)
      strings (~> 0.1.0)
      tty-screen (~> 0.6.4)
    tty-tree (0.1.0)
    tty-which (0.3.0)
    unicode-display_width (1.3.3)
    unicode_utils (1.4.0)
    wisper (2.0.0)

PLATFORMS
  ruby

DEPENDENCIES
  bundler (~> 1.16)
  pry-byebug
  rake (~> 10.0)
  rspec (~> 3.0)
  ruby-edit!
  simplecov

BUNDLED WITH
   1.16.2
